GEM
  remote: http://rubygems.org/
  specs:
    chunky_png (0.12.0)
    diff-lcs (1.1.2)
    fuubar (0.0.3)
      rspec (~> 2.0)
      rspec-instafail (~> 0.1.4)
      ruby-progressbar (~> 0.0.9)
    rake (0.8.7)
    rgl (0.4.0)
      rake
      stream (>= 0.5)
    rspec (2.3.0)
      rspec-core (~> 2.3.0)
      rspec-expectations (~> 2.3.0)
      rspec-mocks (~> 2.3.0)
    rspec-core (2.3.0)
    rspec-expectations (2.3.0)
      diff-lcs (~> 1.1.2)
    rspec-instafail (0.1.5)
    rspec-mocks (2.3.0)
    ruby-progressbar (0.0.9)
    stream (0.5)

PLATFORMS
  ruby

DEPENDENCIES
  chunky_png
  fuubar
  rgl
  rspec
